PATH
  remote: .
  specs:
    pagerduty-pd_sync (0.3.0)
      berkshelf (~> 7)
      chef (~> 14.12.3)
      json (~> 1)

GEM
  remote: https://rubygems.org/
  specs:
    addressable (2.6.0)
      public_suffix (>= 2.0.2, < 4.0)
    berkshelf (7.0.8)
      chef (>= 13.6.52)
      chef-config
      cleanroom (~> 1.0)
      concurrent-ruby (~> 1.0)
      minitar (>= 0.6)
      mixlib-archive (>= 0.4, < 2.0)
      mixlib-config (>= 2.2.5)
      mixlib-shellout (>= 2.0, < 4.0)
      octokit (~> 4.0)
      retryable (>= 2.0, < 4.0)
      solve (~> 4.0)
      thor (>= 0.20)
    builder (3.2.3)
    chef (14.12.9)
      addressable
      bundler (>= 1.10)
      chef-config (= 14.12.9)
      chef-zero (>= 13.0)
      diff-lcs (~> 1.2, >= 1.2.4)
      erubis (~> 2.7)
      ffi (~> 1.9, >= 1.9.25)
      ffi-yajl (~> 2.2)
      highline (~> 1.6, >= 1.6.9)
      iniparse (~> 1.4)
      mixlib-archive (>= 0.4, < 2.0)
      mixlib-authentication (~> 2.1)
      mixlib-cli (>= 1.7, < 3.0)
      mixlib-log (>= 2.0.3, < 4.0)
      mixlib-shellout (>= 2.4, < 4.0)
      net-sftp (~> 2.1, >= 2.1.2)
      net-ssh (~> 4.2)
      net-ssh-multi (~> 1.2, >= 1.2.1)
      ohai (~> 14.0)
      plist (~> 3.2)
      proxifier (~> 1.0)
      rspec-core (~> 3.5)
      rspec-expectations (~> 3.5)
      rspec-mocks (~> 3.5)
      rspec_junit_formatter (~> 0.2.0)
      serverspec (~> 2.7)
      specinfra (~> 2.10)
      syslog-logger (~> 1.6)
      uuidtools (~> 2.1.5)
    chef-config (14.12.9)
      addressable
      fuzzyurl
      mixlib-config (>= 2.2.12, < 4.0)
      mixlib-shellout (>= 2.0, < 4.0)
      tomlrb (~> 1.2)
    chef-zero (14.0.12)
      ffi-yajl (~> 2.2)
      hashie (>= 2.0, < 4.0)
      mixlib-log (>= 2.0, < 4.0)
      rack (~> 2.0, >= 2.0.6)
      uuidtools (~> 2.1)
    cleanroom (1.0.0)
    concurrent-ruby (1.1.5)
    diff-lcs (1.3)
    erubis (2.7.0)
    faraday (0.15.4)
      multipart-post (>= 1.2, < 3)
    ffi (1.11.1)
    ffi-yajl (2.3.1)
      libyajl2 (~> 1.2)
    fuzzyurl (0.9.0)
    hashie (3.6.0)
    highline (1.7.10)
    iniparse (1.4.4)
    ipaddress (0.8.3)
    json (1.8.6)
    libyajl2 (1.2.0)
    minitar (0.8)
    mixlib-archive (1.0.1)
      mixlib-log
    mixlib-authentication (2.1.1)
    mixlib-cli (2.1.1)
    mixlib-config (3.0.1)
      tomlrb
    mixlib-log (3.0.1)
    mixlib-shellout (3.0.4)
    molinillo (0.6.6)
    multi_json (1.13.1)
    multipart-post (2.1.1)
    net-scp (2.0.0)
      net-ssh (>= 2.6.5, < 6.0.0)
    net-sftp (2.1.2)
      net-ssh (>= 2.6.5)
    net-ssh (4.2.0)
    net-ssh-gateway (2.0.0)
      net-ssh (>= 4.0.0)
    net-ssh-multi (1.2.1)
      net-ssh (>= 2.6.5)
      net-ssh-gateway (>= 1.2.0)
    net-telnet (0.1.1)
    octokit (4.14.0)
      sawyer (~> 0.8.0, >= 0.5.3)
    ohai (14.8.12)
      chef-config (>= 12.8, < 15)
      ffi (~> 1.9)
      ffi-yajl (~> 2.2)
      ipaddress
      mixlib-cli (>= 1.7.0)
      mixlib-config (>= 2.0, < 4.0)
      mixlib-log (>= 2.0.1, < 4.0)
      mixlib-shellout (>= 2.0, < 4.0)
      plist (~> 3.1)
      systemu (~> 2.6.4)
      wmi-lite (~> 1.0)
    plist (3.5.0)
    proxifier (1.0.3)
    public_suffix (3.1.0)
    rack (2.0.7)
    rake (11.3.0)
    retryable (3.0.4)
    rspec (3.8.0)
      rspec-core (~> 3.8.0)
      rspec-expectations (~> 3.8.0)
      rspec-mocks (~> 3.8.0)
    rspec-core (3.8.0)
      rspec-support (~> 3.8.0)
    rspec-expectations (3.8.3)
      diff-lcs (>= 1.2.0, < 2.0)
      rspec-support (~> 3.8.0)
    rspec-its (1.3.0)
      rspec-core (>= 3.0.0)
      rspec-expectations (>= 3.0.0)
    rspec-mocks (3.8.0)
      diff-lcs (>= 1.2.0, < 2.0)
      rspec-support (~> 3.8.0)
    rspec-support (3.8.0)
    rspec_junit_formatter (0.2.3)
      builder (< 4)
      rspec-core (>= 2, < 4, != 2.12.0)
    sawyer (0.8.2)
      addressable (>= 2.3.5)
      faraday (> 0.8, < 2.0)
    semverse (3.0.0)
    serverspec (2.41.4)
      multi_json
      rspec (~> 3.0)
      rspec-its
      specinfra (~> 2.72)
    sfl (2.3)
    solve (4.0.2)
      molinillo (~> 0.6)
      semverse (>= 1.1, < 4.0)
    specinfra (2.78.0)
      net-scp
      net-ssh (>= 2.7)
      net-telnet (= 0.1.1)
      sfl
    syslog-logger (1.6.8)
    systemu (2.6.5)
    thor (0.20.3)
    tomlrb (1.2.8)
    uuidtools (2.1.5)
    wmi-lite (1.0.2)

PLATFORMS
  ruby

DEPENDENCIES
  pagerduty-pd_sync!
  rake (~> 11)
  rspec (~> 3)

BUNDLED WITH
   2.0.1
